GEM
  remote: https://rubygems.org/
  specs:
    axlsx (1.3.5)
      htmlentities (~> 4.3.1)
      nokogiri (>= 1.4.1)
      rubyzip (>= 0.9.5)
    daemons (1.1.9)
    eventmachine (1.0.0)
    eventmachine (1.0.0-java)
    htmlentities (4.3.1)
    newrelic_rpm (3.3.2)
    nokogiri (1.5.9)
    nokogiri (1.5.9-java)
    rack (1.4.1)
    rack-protection (1.2.0)
      rack
    rubyzip (0.9.9)
    shotgun (0.9)
      rack (>= 1.0)
    sinatra (1.3.2)
      rack (~> 1.3, >= 1.3.6)
      rack-protection (~> 1.2)
      tilt (~> 1.3, >= 1.3.3)
    thin (1.5.0)
      daemons (>= 1.0.9)
      eventmachine (>= 0.12.6)
      rack (>= 1.0.0)
    tilt (1.3.3)

PLATFORMS
  java
  ruby

DEPENDENCIES
  axlsx
  newrelic_rpm
  shotgun
  sinatra
  thin
